GEM
  remote: http://rubygems.org/
  specs:
    jruby-jars (1.6.7.2)
    jruby-rack (1.1.5)
    json (1.6.6-java)
    rake (0.9.2.2)
    rubyzip (0.9.8)
    warbler (1.3.5)
      jruby-jars (>= 1.4.0)
      jruby-rack (>= 1.0.0)
      rake (>= 0.8.7)
      rubyzip (>= 0.9.4)

PLATFORMS
  java

DEPENDENCIES
  json
  warbler
